GEM
  remote: https://rubygems.org/
  specs:
    addressable (2.6.0)
      public_suffix (>= 2.0.2, < 4.0)
    capybara (3.16.1)
      addressable
      mini_mime (>= 0.1.3)
      nokogiri (~> 1.8)
      rack (>= 1.6.0)
      rack-test (>= 0.6.3)
      regexp_parser (~> 1.2)
      xpath (~> 3.2)
    childprocess (0.9.0)
      ffi (~> 1.0, >= 1.0.11)
    chunky_png (1.3.6)
    css_parser (1.7.0)
      addressable
    diff-lcs (1.3)
    eyes_capybara (3.14.10)
      capybara
      eyes_selenium (= 3.14.10)
    eyes_core (3.14.10)
      chunky_png (= 1.3.6)
      faraday
      oily_png (~> 1.2)
      oj
    eyes_selenium (3.14.10)
      css_parser
      eyes_core (= 3.14.10)
      selenium-webdriver
    faraday (0.15.4)
      multipart-post (>= 1.2, < 3)
    ffi (1.10.0)
    mini_mime (1.0.1)
    mini_portile2 (2.4.0)
    multipart-post (2.0.0)
    nokogiri (1.10.2)
      mini_portile2 (~> 2.4.0)
    oily_png (1.2.0)
      chunky_png (~> 1.3.1)
    oj (3.7.11)
    public_suffix (3.0.3)
    rack (2.0.6)
    rack-test (1.1.0)
      rack (>= 1.0, < 3)
    regexp_parser (1.3.0)
    rspec (3.8.0)
      rspec-core (~> 3.8.0)
      rspec-expectations (~> 3.8.0)
      rspec-mocks (~> 3.8.0)
    rspec-core (3.8.0)
      rspec-support (~> 3.8.0)
    rspec-expectations (3.8.2)
      diff-lcs (>= 1.2.0, < 2.0)
      rspec-support (~> 3.8.0)
    rspec-mocks (3.8.0)
      diff-lcs (>= 1.2.0, < 2.0)
      rspec-support (~> 3.8.0)
    rspec-support (3.8.0)
    rubyzip (1.2.2)
    selenium-webdriver (3.141.0)
      childprocess (~> 0.5)
      rubyzip (~> 1.2, >= 1.2.2)
    xpath (3.2.0)
      nokogiri (~> 1.8)

PLATFORMS
  ruby

DEPENDENCIES
  capybara (~> 3.13, >= 3.13.2)
  eyes_capybara (~> 3.14, >= 3.14.10)
  rspec (~> 3.8)
  selenium-webdriver (~> 3.141)

BUNDLED WITH
   1.17.2
